GEM
  remote: https://rubygems.org/
  specs:
    bson (1.9.2)
    bson_ext (1.9.1)
      bson (~> 1.9.1)
    daemons (1.1.9)
    erubis (2.7.0)
    escape_utils (1.0.1)
    eventmachine (1.0.3)
    json (1.8.1)
    mongo (1.9.2)
      bson (~> 1.9.2)
    pg (0.17.1)
    rack (1.5.2)
    rack-contrib (1.1.0)
      rack (>= 0.9.1)
    rack-protection (1.5.2)
      rack
    rack-push-notification (0.4.1)
      rack (~> 1.4)
      rack-contrib (~> 1.1)
      sequel (~> 3.37)
      sinatra (~> 1.3)
      sinatra-param (~> 0.1)
    sequel (3.48.0)
    shotgun (0.9)
      rack (>= 1.0)
    sinatra (1.4.4)
      rack (~> 1.4)
      rack-protection (~> 1.4)
      tilt (~> 1.3, >= 1.3.4)
    sinatra-param (0.1.3)
      sinatra (~> 1.3)
    thin (1.6.1)
      daemons (>= 1.0.9)
      eventmachine (>= 1.0.0)
      rack (>= 1.0.0)
    tilt (1.4.1)
    tiny (0.2.6)
      erubis (~> 2.7)
      escape_utils
      tilt (~> 1.3)

PLATFORMS
  ruby

DEPENDENCIES
  bson_ext
  json
  mongo
  pg
  rack-push-notification
  shotgun
  sinatra
  thin
  tiny
